GEM
  remote: http://rubygems.org/
  specs:
    daemons (1.1.9)
    eventmachine (1.0.0)
    haml (3.1.7)
    json (1.7.5)
    mime-types (1.19)
    nokogiri (1.5.5)
    rack (1.4.1)
    rack-conneg (0.1.5)
      rack (>= 1.0)
    rack-protection (1.2.0)
      rack
    redis (3.0.2)
    rest-client (1.6.7)
      mime-types (>= 1.16)
    shotgun (0.9)
      rack (>= 1.0)
    sinatra (1.3.3)
      rack (~> 1.3, >= 1.3.6)
      rack-protection (~> 1.2)
      tilt (~> 1.3, >= 1.3.3)
    thin (1.5.0)
      daemons (>= 1.0.9)
      eventmachine (>= 0.12.6)
      rack (>= 1.0.0)
    tilt (1.3.3)

PLATFORMS
  ruby

DEPENDENCIES
  haml
  json
  nokogiri
  rack-conneg
  redis
  rest-client
  shotgun
  sinatra
  thin
